REDIRECTS: FORCE
RESTRICTION: == net461
NUGET
  remote: https://www.nuget.org/api/v2
    Chessie (0.2.2)
      FSharp.Core
    DotLiquid (1.8)
    FAKE (5.8.4)
    FSharp.Azure.StorageTypeProvider (1.4.1)
      WindowsAzure.Storage (>= 6.0)
    FSharp.Compiler.Service (27.0.1)
      FSharp.Core (>= 4.5.2)
      System.Collections.Immutable (>= 1.5)
      System.Reflection.Metadata (>= 1.6)
      System.ValueTuple (>= 4.4)
    FSharp.Core (4.5.4)
    FSharp.Data (2.2.5)
    FSharp.Formatting (3.1)
      FSharp.Compiler.Service (>= 27.0.1 < 28.0)
      Microsoft.AspNet.Razor (>= 3.2.7 < 4.0)
      System.ValueTuple (>= 4.5 < 5.0)
    Microsoft.AspNet.Razor (3.2.7)
    Microsoft.Azure.KeyVault.Core (3.0.3)
    Microsoft.Data.Edm (5.8.4)
    Microsoft.Data.OData (5.8.4)
      Microsoft.Data.Edm (5.8.4)
      System.Spatial (5.8.4)
    Microsoft.Data.Services.Client (5.8.4)
      Microsoft.Data.OData (5.8.4)
    Newtonsoft.Json (8.0.3)
    Node.js (5.3)
    Npm.js (2.13.1)
      Node.js (>= 0.12.7)
    Paket.Core (2.44.6)
      Chessie
      FSharp.Core
      Newtonsoft.Json
    Suave (1.0)
      FSharp.Core (>= 3.1.2.5)
    Suave.DotLiquid (1.0)
      DotLiquid (>= 1.8)
      FSharp.Core (>= 3.1.2.5)
      Suave (>= 1.0)
    System.Collections.Immutable (1.5)
    System.Reflection.Metadata (1.6)
      System.Collections.Immutable (>= 1.5)
    System.Spatial (5.8.4)
    System.ValueTuple (4.5)
    WindowsAzure.Storage (6.2)
      Microsoft.Azure.KeyVault.Core (>= 1.0)
      Microsoft.Data.OData (>= 5.6.4)
      Microsoft.Data.Services.Client (>= 5.6.4)
      Newtonsoft.Json (>= 6.0.8)
